PATH
  remote: .
  specs:
    docverter-server (1.0.3-java)
      flying_saucer
      mime-types
      multi_json (= 1.5.1)
      puma
      rake
      sinatra

GEM
  remote: http://rubygems.org/
  specs:
    activesupport (4.2.4)
      i18n (~> 0.7)
      json (~> 1.7, >= 1.7.7)
      minitest (~> 5.1)
      thread_safe (~> 0.3, >= 0.3.4)
      tzinfo (~> 1.1)
    flying_saucer (0.8.0-java)
    i18n (0.7.0)
    json (1.8.3-java)
    metaclass (0.0.4)
    mime-types (2.6.1)
    minitest (5.8.0)
    mocha (1.1.0)
      metaclass (~> 0.0.1)
    multi_json (1.5.1)
    puma (2.13.4-java)
    rack (1.6.4)
    rack-protection (1.5.3)
      rack
    rake (10.4.2)
    shoulda (3.5.0)
      shoulda-context (~> 1.0, >= 1.0.1)
      shoulda-matchers (>= 1.4.1, < 3.0)
    shoulda-context (1.2.1)
    shoulda-matchers (2.8.0)
      activesupport (>= 3.0.0)
    sinatra (1.4.6)
      rack (~> 1.4)
      rack-protection (~> 1.4)
      tilt (>= 1.3, < 3)
    thread_safe (0.3.5-java)
    tilt (2.0.1)
    tzinfo (1.2.2)
      thread_safe (~> 0.1)

PLATFORMS
  java

DEPENDENCIES
  docverter-server!
  mocha
  shoulda

BUNDLED WITH
   1.10.6
